GEM
  remote: https://rubygems.org/
  specs:
    descriptive_statistics (2.5.1)

PLATFORMS
  ruby

DEPENDENCIES
  descriptive_statistics

BUNDLED WITH
   1.17.3
